NUGET
  remote: https://www.nuget.org/api/v2
  specs:
    Flurl.Http.Signed (0.6.4) - framework: >= net45
      Flurl.Signed (>= 1.0.10) - framework: >= net45, portable-net45+sl50+win+wpa81+wp80
      Newtonsoft.Json (>= 6.0.3) - framework: >= net45, portable-net45+sl50+win+wpa81+wp80
    Flurl.Signed (1.0.10) - framework: >= net45
    Marvin.JsonPatch.Signed (0.7.0) - framework: >= net45
      Newtonsoft.Json (>= 6.0.4)
    Newtonsoft.Json (6.0.8) - framework: >= net45
    openstack.net (1.5.0.2) - framework: >= net45
      Flurl.Http.Signed (>= 0.6.2.2015062601 < 0.7.0) - framework: >= net45
      Marvin.JsonPatch.Signed (0.7.0) - framework: >= net45
      Newtonsoft.Json (>= 6.0.1 < 7.0.0) - framework: >= net45
    Rackspace (0.2.0)
      openstack.net (>= 1.5.0.1 < 2.0) - framework: >= net45
